PATH
  remote: .
  specs:
    exec-code (0.0.1)
      docker-api

GEM
  remote: https://rubygems.org/
  specs:
    archive-tar-minitar (0.5.2)
    coderay (1.1.0)
    diff-lcs (1.2.5)
    docker-api (1.10.10)
      archive-tar-minitar
      excon (>= 0.28)
      json
    excon (0.33.0)
    json (1.8.1)
    method_source (0.8.2)
    pry (0.10.0)
      coderay (~> 1.1.0)
      method_source (~> 0.8.1)
      slop (~> 3.4)
    rake (10.3.2)
    rspec (2.14.1)
      rspec-core (~> 2.14.0)
      rspec-expectations (~> 2.14.0)
      rspec-mocks (~> 2.14.0)
    rspec-core (2.14.8)
    rspec-expectations (2.14.5)
      diff-lcs (>= 1.1.3, < 2.0)
    rspec-mocks (2.14.6)
    slop (3.5.0)

PLATFORMS
  ruby

DEPENDENCIES
  bundler (~> 1.0)
  exec-code!
  pry (~> 0.10, >= 0.10.0)
  rake (~> 10.3, >= 10.3.2)
  rspec (~> 2.3)
